GEM
  remote: http://rubygems.org/
  specs:
    activesupport (2.3.8)
    fssm (0.1.4)
    mail (2.2.5)
      activesupport (>= 2.3.6)
      mime-types
      treetop (>= 1.4.5)
    maildir (0.6.0)
    mime-types (1.16)
    polyglot (0.3.1)
    rake (0.8.7)
    rspec (1.3.0)
    treetop (1.4.8)
      polyglot (>= 0.3.1)

PLATFORMS
  ruby

DEPENDENCIES
  activesupport (>= 2.3.4)
  fssm (>= 0.1.4)
  mail (>= 2.0.3)
  maildir (>= 0.5.0)
  rake
  rspec
